GEM
  remote: https://rubygems.org/
  specs:
    amq-protocol (2.3.2)
    ble (1.0.0)
      concurrent-ruby
      ruby-dbus
    bunny (2.19.0)
      amq-protocol (~> 2.3, >= 2.3.1)
      sorted_set (~> 1, >= 1.0.2)
    coderay (1.1.3)
    concurrent-ruby (1.1.10)
    method_source (1.0.0)
    mustermann (1.1.2)
      ruby2_keywords (~> 0.0.1)
    nio4r (2.5.8)
    pry (0.14.1)
      coderay (~> 1.1)
      method_source (~> 1.0)
    puma (5.6.4)
      nio4r (~> 2.0)
    rack (2.2.4)
    rack-protection (2.2.1)
      rack
    rbtree (0.4.5)
    rexml (3.2.5)
    ruby-dbus (0.18.1)
      rexml
    ruby2_keywords (0.0.5)
    set (1.0.2)
    sinatra (2.2.1)
      mustermann (~> 1.0)
      rack (~> 2.2)
      rack-protection (= 2.2.1)
      tilt (~> 2.0)
    sorted_set (1.0.3)
      rbtree
      set (~> 1.0)
    tilt (2.0.10)

PLATFORMS
  x86_64-linux

DEPENDENCIES
  ble
  bunny
  pry
  puma
  sinatra

BUNDLED WITH
   2.3.3
